GEM
  remote: https://rubygems.org/
  specs:
    rainbow (2.0.0)
    sass (3.4.21)
    scss_lint (0.43.2)
      rainbow (~> 2.0)
      sass (~> 3.4.15)

PLATFORMS
  ruby

DEPENDENCIES
  bundler (= 1.11.2)
  scss_lint (= 0.43.2)
